GEM
  remote: https://rubygems.org/
  specs:
    mini_portile2 (2.4.0)
    nokogiri (1.11.0.rc1)
      mini_portile2 (~> 2.4.0)

PLATFORMS
  ruby

DEPENDENCIES
  nokogiri (~> 1.11.0.rc1)

RUBY VERSION
   ruby 2.5.1p57

BUNDLED WITH
   1.16.2
