GEM
  remote: https://rubygems.org/
  specs:
    mini_portile2 (2.5.1)
    nokogiri (1.11.5)
      mini_portile2 (~> 2.5.0)
      racc (~> 1.4)
    racc (1.5.2)

PLATFORMS
  ruby

DEPENDENCIES
  nokogiri (>= 1.11.4)

RUBY VERSION
   ruby 2.6.6p146

BUNDLED WITH
   1.17.2
